PATH
  remote: .
  specs:
    simply_inline_svg (0.1.0)
      libxml-ruby

GEM
  remote: https://rubygems.org/
  specs:
    coderay (1.1.3)
    libxml-ruby (3.2.0)
    method_source (0.9.2)
    pry (0.12.2)
      coderay (~> 1.1.0)
      method_source (~> 0.9.0)
    rake (10.5.0)

PLATFORMS
  ruby

DEPENDENCIES
  bundler (~> 2.0)
  pry (~> 0.12.2)
  rake (~> 10.0)
  simply_inline_svg!

BUNDLED WITH
   2.0.2
